GEM
  remote: https://rubygems.org/
  specs:
    onion_omega (0.1.0)

PLATFORMS
  ruby

DEPENDENCIES
  onion_omega

BUNDLED WITH
   1.14.6
